GEM
  specs:
    sass (3.1.0.alpha.28)

PLATFORMS
  ruby

DEPENDENCIES
  sass
